GEM
  remote: https://rubygems.org/
  specs:
    mysql (2.9.1)
    slop (4.2.1)
    taglib-ruby (0.7.1)

PLATFORMS
  ruby

DEPENDENCIES
  mysql
  slop
  taglib-ruby

BUNDLED WITH
   1.11.2
